PATH
  remote: .
  specs:
    gym_finder (1.0.1)
      em-http-request
      nokogiri

GEM
  remote: https://rubygems.org/
  specs:
    addressable (2.8.0)
      public_suffix (>= 2.0.2, < 5.0)
    cookiejar (0.3.3)
    em-http-request (1.1.7)
      addressable (>= 2.3.4)
      cookiejar (!= 0.3.1)
      em-socksify (>= 0.3)
      eventmachine (>= 1.0.3)
      http_parser.rb (>= 0.6.0)
    em-socksify (0.3.2)
      eventmachine (>= 1.0.0.beta.4)
    eventmachine (1.2.7)
    http_parser.rb (0.8.0)
    mini_portile2 (2.8.0)
    minitest (5.14.1)
    nokogiri (1.13.4)
      mini_portile2 (~> 2.8.0)
      racc (~> 1.4)
    public_suffix (4.0.6)
    racc (1.6.0)
    rake (13.0.1)

PLATFORMS
  ruby

DEPENDENCIES
  bundler
  gym_finder!
  minitest
  rake

BUNDLED WITH
   2.1.4
